PATH
  remote: ../ruby_claim
  specs:
    ruby_claim (0.0.1)
      prawn (~> 1.0.0rc1)

GEM
  remote: https://rubygems.org/
  specs:
    Ascii85 (1.0.1)
    coderay (1.0.7)
    hippo (0.3.0)
    method_source (0.8)
    pdf-reader (1.1.1)
      Ascii85 (~> 1.0.0)
      ruby-rc4
    prawn (1.0.0.rc1)
      pdf-reader (>= 0.9.0)
      ttfunk (~> 1.0.3)
    pry (0.9.10)
      coderay (~> 1.0.5)
      method_source (~> 0.8)
      slop (~> 3.3.1)
    ruby-rc4 (0.1.5)
    slop (3.3.2)
    ttfunk (1.0.3)

PLATFORMS
  ruby

DEPENDENCIES
  hippo
  pry
  ruby_claim!
